PATH
  remote: .
  specs:
    minitest-hooks (1.1.0)

GEM
  remote: https://rubygems.org/
  specs:
    minitest (5.6.1)
    sequel (4.22.0)
    sqlite3 (1.3.10)

PLATFORMS
  ruby

DEPENDENCIES
  minitest (> 5)
  minitest-hooks!
  sequel (> 4)
  sqlite3
